PATH
  remote: .
  specs:
    insert_select (0.1.0)
      activerecord

GEM
  remote: https://rubygems.org/
  specs:
    activemodel (7.0.5)
      activesupport (= 7.0.5)
    activerecord (7.0.5)
      activemodel (= 7.0.5)
      activesupport (= 7.0.5)
    activesupport (7.0.5)
      concurrent-ruby (~> 1.0, >= 1.0.2)
      i18n (>= 1.6, < 2)
      minitest (>= 5.1)
      tzinfo (~> 2.0)
    concurrent-ruby (1.2.2)
    diff-lcs (1.5.0)
    i18n (1.14.0)
      concurrent-ruby (~> 1.0)
    minitest (5.18.0)
    mysql2 (0.5.5)
    pg (1.5.3)
    rake (13.0.6)
    rspec (3.12.0)
      rspec-core (~> 3.12.0)
      rspec-expectations (~> 3.12.0)
      rspec-mocks (~> 3.12.0)
    rspec-core (3.12.2)
      rspec-support (~> 3.12.0)
    rspec-expectations (3.12.3)
      diff-lcs (>= 1.2.0, < 2.0)
      rspec-support (~> 3.12.0)
    rspec-mocks (3.12.5)
      diff-lcs (>= 1.2.0, < 2.0)
      rspec-support (~> 3.12.0)
    rspec-support (3.12.0)
    sqlite3 (1.6.3-x86_64-darwin)
    sqlite3 (1.6.3-x86_64-linux)
    tzinfo (2.0.6)
      concurrent-ruby (~> 1.0)

PLATFORMS
  x86_64-darwin-19
  x86_64-darwin-22
  x86_64-linux

DEPENDENCIES
  insert_select!
  mysql2
  pg
  rake (~> 13.0)
  rspec (~> 3.0)
  sqlite3

BUNDLED WITH
   2.4.12
